

GROUP build
NUGET
  remote: https://www.nuget.org/api/v2
  specs:
    FAKE (4.4.2)
    Microsoft.Bcl (1.1.10)
      Microsoft.Bcl.Build (>= 1.0.14)
    Microsoft.Bcl.Build (1.0.21)
    Microsoft.Net.Http (2.2.29)
      Microsoft.Bcl (>= 1.1.10)
      Microsoft.Bcl.Build (>= 1.0.14)
    Octokit (0.16.0)
      Microsoft.Net.Http
    SourceLink.Fake (1.1.0)
GITHUB
  remote: fsharp/FAKE
  specs:
    modules/Octokit/Octokit.fsx (78394818c15fe91416b6ba94d40ea5ffb0f487b1)
      Octokit
GROUP tests
NUGET
  remote: https://www.nuget.org/api/v2
  specs:
    NUnit (2.6.4) - framework: >= net45
    NUnit.Runners (2.6.4)
